GIT
  remote: https://github.com/bdewater/fido_metadata.git
  revision: fcc1fc1a92f9b0eda5900485d773336494b2c1c6
  specs:
    fido_metadata (0.3.0)
      jwt (~> 2.0)

PATH
  remote: ../..
  specs:
    webauthn (3.4.1)
      android_key_attestation (~> 0.3.0)
      bindata (~> 2.4)
      cbor (~> 0.5.9)
      cose (~> 1.1)
      openssl (>= 2.2)
      safety_net_attestation (~> 0.4.0)
      tpm-key_attestation (~> 0.14.0)

GEM
  remote: https://rubygems.org/
  specs:
    android_key_attestation (0.3.0)
    base64 (0.2.0)
    bindata (2.5.0)
    byebug (11.1.3)
    cbor (0.5.9.8)
    cose (1.3.1)
      cbor (~> 0.5.9)
      openssl-signature_algorithm (~> 1.0)
    jwt (2.2.1)
    logger (1.6.6)
    multi_json (1.14.1)
    mustermann (3.0.3)
      ruby2_keywords (~> 0.0.1)
    nio4r (2.7.4)
    openssl (3.3.0)
    openssl-signature_algorithm (1.3.0)
      openssl (> 2.0)
    puma (6.6.0)
      nio4r (~> 2.0)
    rack (3.1.10)
    rack-contrib (2.5.0)
      rack (< 4)
    rack-protection (4.1.1)
      base64 (>= 0.1.0)
      logger (>= 1.6.0)
      rack (>= 3.0.0, < 4)
    rack-session (2.1.0)
      base64 (>= 0.1.0)
      rack (>= 3.0.0)
    rackup (2.2.1)
      rack (>= 3)
    ruby2_keywords (0.0.1)
    rubyzip (2.0.0)
    safety_net_attestation (0.4.0)
      jwt (~> 2.0)
    sinatra (4.1.1)
      logger (>= 1.6.0)
      mustermann (~> 3.0)
      rack (>= 3.0.0, < 4)
      rack-protection (= 4.1.1)
      rack-session (>= 2.0.0, < 3)
      tilt (~> 2.0)
    sinatra-contrib (4.1.1)
      multi_json (>= 0.0.2)
      mustermann (~> 3.0)
      rack-protection (= 4.1.1)
      sinatra (= 4.1.1)
      tilt (~> 2.0)
    tilt (2.0.10)
    tpm-key_attestation (0.14.0)
      bindata (~> 2.4)
      openssl (> 2.0)
      openssl-signature_algorithm (~> 1.0)
    webrick (1.9.1)

PLATFORMS
  ruby

DEPENDENCIES
  byebug
  fido_metadata!
  puma (~> 6.6)
  rack-contrib
  rackup (~> 2.2)
  rubyzip
  sinatra (~> 4.0)
  sinatra-contrib
  webauthn!
  webrick (~> 1.9)

RUBY VERSION
   ruby 3.4.2p28

BUNDLED WITH
   2.6.5
